PATH
  remote: .
  specs:
    azure-acs (0.1.0)
      typhoeus (~> 0.5.4)

GEM
  remote: https://rubygems.org/
  specs:
    diff-lcs (1.1.3)
    ethon (0.5.9)
      ffi (~> 1.2.0)
      mime-types (~> 1.18)
    ffi (1.2.1)
    mime-types (1.21)
    rspec (2.12.0)
      rspec-core (~> 2.12.0)
      rspec-expectations (~> 2.12.0)
      rspec-mocks (~> 2.12.0)
    rspec-core (2.12.2)
    rspec-expectations (2.12.1)
      diff-lcs (~> 1.1.3)
    rspec-mocks (2.12.2)
    typhoeus (0.5.4)
      ethon (~> 0.5.7)

PLATFORMS
  ruby

DEPENDENCIES
  azure-acs!
  rspec
